GEM
  remote: https://rubygems.org/
  specs:
    colorize (0.8.1)
    concurrent-ruby (1.1.6)
    emoji (1.0.7)
      json
    faker (2.11.0)
      i18n (>= 1.6, < 2)
    i18n (1.8.2)
      concurrent-ruby (~> 1.0)
    json (2.3.0)

PLATFORMS
  x64-mingw32

DEPENDENCIES
  colorize (~> 0.8.1)
  emoji (~> 1.0)
  faker (~> 2.11)

BUNDLED WITH
   2.1.4
